GEM
  remote: http://rubygems.org/
  specs:
    activemodel (3.0.6)
      activesupport (= 3.0.6)
      builder (~> 2.1.2)
      i18n (~> 0.5.0)
    activeresource (3.0.6)
      activemodel (= 3.0.6)
      activesupport (= 3.0.6)
    activesupport (3.0.6)
    builder (2.1.2)
    i18n (0.5.0)
    thor (0.14.6)

PLATFORMS
  ruby

DEPENDENCIES
  activeresource
  activesupport
  thor
