GEM
  remote: http://rubygems.org/
  specs:
    activesupport (3.0.6)
    i18n (0.6.9)
    thor (0.14.6)

PLATFORMS
  ruby

DEPENDENCIES
  activesupport
  i18n
  thor
